GEM
  remote: https://rubygems.org/
  specs:
    domain_name (0.5.20190701)
      unf (>= 0.0.5, < 1.0.0)
    http-cookie (1.0.4)
      domain_name (~> 0.5)
    io-wait (0.2.1)
    json (2.6.1)
    mime-types (2.99.3)
    net-http (0.2.0)
      net-protocol
      uri
    net-protocol (0.1.2)
      io-wait
      timeout
    netrc (0.11.0)
    rest-client (1.8.0)
      http-cookie (>= 1.0.2, < 2.0)
      mime-types (>= 1.16, < 3.0)
      netrc (~> 0.7)
    timeout (0.2.0)
    unf (0.1.4)
      unf_ext
    unf_ext (0.0.8)
    uri (0.11.0)
    yaml (0.2.0)

PLATFORMS
  ruby

DEPENDENCIES
  json (~> 2.6, >= 2.6.1)
  net-http
  rest-client (~> 1.8)
  yaml

BUNDLED WITH
   2.1.4
